GIT
  remote: https://github.com/Roman2K/utils-ruby.git
  revision: ad4dcf4c353682547d3e2e1563fd1d38aae16078
  specs:
    utils-ruby (0.1.0)
      net_http_unix (~> 0.2)

GEM
  remote: https://rubygems.org/
  specs:
    net_http_unix (0.2.2)
    redis (4.2.5)

PLATFORMS
  ruby

DEPENDENCIES
  redis
  utils-ruby!

BUNDLED WITH
   2.1.4
