GIT
  remote: https://github.com/Roman2K/utils-ruby.git
  revision: 0e8e8a0d1c2e77967dade0f20317a02d6752b66f
  specs:
    utils-ruby (0.1.0)

GEM
  remote: https://rubygems.org/
  specs:

PLATFORMS
  ruby

DEPENDENCIES
  utils-ruby!

BUNDLED WITH
   2.1.4
