GIT
  remote: https://github.com/Roman2K/utils-ruby.git
  revision: bb93eefa6aff7ad90f13fd97288e804dd9e00111
  specs:
    utils-ruby (0.1.0)

GEM
  remote: https://rubygems.org/
  specs:

PLATFORMS
  ruby

DEPENDENCIES
  utils-ruby!

BUNDLED WITH
   2.1.4
